PATH
  remote: .
  specs:
    diagram_factory_impl (1.0.0)

GEM
  remote: https://rubygems.org/
  specs:
    diagram_factory_int (1.0.0)
    docile (1.3.2)
    minitest (5.14.1)
    rake (13.0.1)
    simplecov (0.18.5)
      docile (~> 1.1)
      simplecov-html (~> 0.11)
    simplecov-html (0.12.2)

PLATFORMS
  ruby

DEPENDENCIES
  bundler (~> 2.1)
  diagram_factory_impl!
  diagram_factory_int (~> 1)
  minitest (~> 5.0)
  rake (~> 13.0)
  simplecov (~> 0)

BUNDLED WITH
   2.1.2
